GIT
  remote: git://github.com/CocoaPods/CocoaPods.git
  revision: bfac25504f4613929a2e81d602c329731b704279
  specs:
    cocoapods (0.3.9)
      xcodeproj (~> 0.0.2)

GIT
  remote: git://github.com/lukeredpath/xcodebuild-rb.git
  revision: 1f345dc136dd28d43fc6e0efade772a65df6ed96
  specs:
    xcodebuild-rb (0.1.0)
      state_machine (~> 1.1.2)

GEM
  remote: http://rubygems.org/
  specs:
    daemons (1.1.6)
    eventmachine (0.12.10)
    json (1.6.5)
    macaddr (1.5.0)
      systemu (>= 2.4.0)
    mime-types (1.17.2)
    multi_json (1.0.4)
    pusher (0.9.2)
      multi_json (~> 1.0)
      ruby-hmac (~> 0.4.0)
      signature (~> 0.1.2)
    rack (1.4.1)
    rack-protection (1.2.0)
      rack
    rake (0.9.2.2)
    rest-client (1.6.7)
      mime-types (>= 1.16)
    ruby-hmac (0.4.0)
    signature (0.1.2)
      ruby-hmac
    sinatra (1.3.2)
      rack (~> 1.3, >= 1.3.6)
      rack-protection (~> 1.2)
      tilt (~> 1.3, >= 1.3.3)
    state_machine (1.1.2)
    systemu (2.4.2)
    thin (1.3.1)
      daemons (>= 1.0.9)
      eventmachine (>= 0.12.6)
      rack (>= 1.0.0)
    tilt (1.3.3)
    uuid (2.3.5)
      macaddr (~> 1.0)
    xcodeproj (0.0.2)

PLATFORMS
  ruby

DEPENDENCIES
  cocoapods!
  json
  pusher
  rake
  rest-client
  sinatra
  thin
  uuid
  xcodebuild-rb!
