GIT
  remote: git://github.com/CocoaPods/CocoaPods.git
  revision: bfac25504f4613929a2e81d602c329731b704279
  specs:
    cocoapods (0.3.9)
      xcodeproj (~> 0.0.2)

GIT
  remote: git://github.com/lukeredpath/xcodebuild-rb.git
  revision: 279a68d1e8800e1705690f21b95c8711648b4307
  specs:
    xcodebuild-rb (0.1.0)
      state_machine (~> 1.1.2)

GEM
  remote: http://rubygems.org/
  specs:
    crack (0.1.8)
    daemons (1.1.4)
    eventmachine (0.12.10)
    json (1.5.3)
    macaddr (1.5.0)
      systemu (>= 2.4.0)
    mime-types (1.17.2)
    multi_json (1.0.3)
    pusher (0.8.2)
      crack (~> 0.1.0)
      multi_json (~> 1.0)
      ruby-hmac (~> 0.4.0)
      signature (~> 0.1.2)
    rack (1.3.2)
    rake (0.9.2.2)
    rest-client (1.6.7)
      mime-types (>= 1.16)
    ruby-hmac (0.4.0)
    signature (0.1.2)
      ruby-hmac
    sinatra (1.2.6)
      rack (~> 1.1)
      tilt (>= 1.2.2, < 2.0)
    state_machine (1.1.2)
    systemu (2.4.1)
    thin (1.2.11)
      daemons (>= 1.0.9)
      eventmachine (>= 0.12.6)
      rack (>= 1.0.0)
    tilt (1.3.2)
    uuid (2.3.5)
      macaddr (~> 1.0)
    xcodeproj (0.0.2)

PLATFORMS
  ruby

DEPENDENCIES
  cocoapods!
  json
  pusher
  rake
  rest-client
  sinatra
  thin
  uuid
  xcodebuild-rb!
