GIT
  remote: git://github.com/CocoaPods/CocoaPods.git
  revision: c821caafdea1666c8a13e176e0e00f7556349d11
  specs:
    cocoapods (0.3.10)
      xcodeproj (~> 0.0.2)

GIT
  remote: git://github.com/lukeredpath/xcodebuild-rb.git
  revision: 913bf70dfb72a7f85e0c176f9586c6a72c353e16
  specs:
    xcodebuild-rb (0.2.0)
      state_machine (~> 1.1.2)

GEM
  remote: http://rubygems.org/
  specs:
    daemons (1.1.8)
    eventmachine (0.12.10)
    faster_xml_simple (0.5.0)
      libxml-ruby (>= 0.3.8.4)
    httpclient (2.2.4)
    json (1.6.5)
    libxml-ruby (2.2.2)
    macaddr (1.5.0)
      systemu (>= 2.4.0)
    mime-types (1.17.2)
    multi_json (1.0.4)
    net-github-upload (0.0.8)
      faster_xml_simple
      httpclient
      json
      nokogiri (>= 1.4.0)
    nokogiri (1.5.0)
    pusher (0.9.2)
      multi_json (~> 1.0)
      ruby-hmac (~> 0.4.0)
      signature (~> 0.1.2)
    rack (1.4.1)
    rack-protection (1.2.0)
      rack
    rake (0.9.2.2)
    rest-client (1.6.7)
      mime-types (>= 1.16)
    ruby-hmac (0.4.0)
    signature (0.1.2)
      ruby-hmac
    sinatra (1.3.2)
      rack (~> 1.3, >= 1.3.6)
      rack-protection (~> 1.2)
      tilt (~> 1.3, >= 1.3.3)
    state_machine (1.1.2)
    systemu (2.4.2)
    thin (1.3.1)
      daemons (>= 1.0.9)
      eventmachine (>= 0.12.6)
      rack (>= 1.0.0)
    tilt (1.3.3)
    uuid (2.3.5)
      macaddr (~> 1.0)
    xcodeproj (0.0.2)

PLATFORMS
  ruby

DEPENDENCIES
  cocoapods!
  json
  net-github-upload
  pusher
  rake
  rest-client
  sinatra
  thin
  uuid
  xcodebuild-rb!
