GEM
  remote: http://rubygems.org/
  specs:
    crack (0.1.8)
    daemons (1.1.4)
    eventmachine (0.12.10)
    json (1.5.3)
    macaddr (1.5.0)
      systemu (>= 2.4.0)
    multi_json (1.0.3)
    pusher (0.8.2)
      crack (~> 0.1.0)
      multi_json (~> 1.0)
      ruby-hmac (~> 0.4.0)
      signature (~> 0.1.2)
    rack (1.3.2)
    ruby-hmac (0.4.0)
    signature (0.1.2)
      ruby-hmac
    sinatra (1.2.6)
      rack (~> 1.1)
      tilt (>= 1.2.2, < 2.0)
    systemu (2.4.1)
    thin (1.2.11)
      daemons (>= 1.0.9)
      eventmachine (>= 0.12.6)
      rack (>= 1.0.0)
    tilt (1.3.2)
    uuid (2.3.5)
      macaddr (~> 1.0)

PLATFORMS
  ruby

DEPENDENCIES
  json
  pusher
  sinatra
  thin
  uuid
